GEM
  remote: https://rubygems.org/
  specs:
    json (2.0.1)
    redcarpet (3.3.4)

PLATFORMS
  ruby

DEPENDENCIES
  json
  redcarpet (~> 3.3.4)
